GEM
  remote: https://rubygems.org/
  specs:
    backports (3.6.5)
    data_uri (0.1.0)
    foreman (0.78.0)
      thor (~> 0.19.1)
    multi_json (1.11.2)
    pg (0.18.2)
    power_assert (0.2.2)
    rack (1.6.4)
    rack-protection (1.5.3)
      rack
    rack-test (0.6.3)
      rack (>= 1.0)
    sinatra (1.4.6)
      rack (~> 1.4)
      rack-protection (~> 1.4)
      tilt (>= 1.3, < 3)
    sinatra-contrib (1.4.6)
      backports (>= 2.0)
      multi_json
      rack-protection
      rack-test
      sinatra (~> 1.4.0)
      tilt (>= 1.3, < 3)
    sinatra-cross_origin (0.3.2)
    terminal-notifier (1.6.3)
    test-unit (3.0.8)
      power_assert
    test-unit-notify (1.0.4)
      test-unit (>= 2.4.9)
    thor (0.19.1)
    tilt (2.0.1)

PLATFORMS
  ruby

DEPENDENCIES
  data_uri
  foreman
  pg
  rack-test
  sinatra
  sinatra-contrib
  sinatra-cross_origin
  terminal-notifier
  test-unit-notify
  thor
